GEM
  remote: https://rubygems.org/
  specs:
    coderay (1.1.3)
    csv (3.2.8)
    diff-lcs (1.5.1)
    method_source (1.0.0)
    pry (0.14.2)
      coderay (~> 1.1)
      method_source (~> 1.0)
    rbenv (9001)
    rspec (3.13.0)
      rspec-core (~> 3.13.0)
      rspec-expectations (~> 3.13.0)
      rspec-mocks (~> 3.13.0)
    rspec-core (3.13.0)
      rspec-support (~> 3.13.0)
    rspec-expectations (3.13.0)
      diff-lcs (>= 1.2.0, < 2.0)
      rspec-support (~> 3.13.0)
    rspec-mocks (3.13.0)
      diff-lcs (>= 1.2.0, < 2.0)
      rspec-support (~> 3.13.0)
    rspec-support (3.13.0)

PLATFORMS
  arm64-darwin-23
  ruby

DEPENDENCIES
  bundler
  csv
  pry
  rbenv
  rspec

RUBY VERSION
   ruby 3.3.0p0

BUNDLED WITH
   2.5.4
